PATH
  remote: .
  specs:
    pg_query (6.0.0)
      google-protobuf (>= 3.25.3)

GEM
  remote: https://rubygems.org/
  specs:
    ast (2.4.2)
    bigdecimal (3.1.9)
    diff-lcs (1.5.1)
    docile (1.4.1)
    google-protobuf (4.29.3)
      bigdecimal
      rake (>= 13)
    json (2.9.1)
    language_server-protocol (3.17.0.4)
    parallel (1.26.3)
    parser (3.3.7.0)
      ast (~> 2.4.1)
      racc
    racc (1.8.1)
    rainbow (3.1.1)
    rake (13.2.1)
    rake-compiler (0.9.9)
      rake
    regexp_parser (2.10.0)
    rspec (3.13.0)
      rspec-core (~> 3.13.0)
      rspec-expectations (~> 3.13.0)
      rspec-mocks (~> 3.13.0)
    rspec-core (3.13.2)
      rspec-support (~> 3.13.0)
    rspec-expectations (3.13.3)
      diff-lcs (>= 1.2.0, < 2.0)
      rspec-support (~> 3.13.0)
    rspec-mocks (3.13.2)
      diff-lcs (>= 1.2.0, < 2.0)
      rspec-support (~> 3.13.0)
    rspec-support (3.13.2)
    rubocop (1.71.2)
      json (~> 2.3)
      language_server-protocol (>= 3.17.0)
      parallel (~> 1.10)
      parser (>= 3.3.0.2)
      rainbow (>= 2.2.2, < 4.0)
      regexp_parser (>= 2.9.3, < 3.0)
      rubocop-ast (>= 1.38.0, < 2.0)
      ruby-progressbar (~> 1.7)
      unicode-display_width (>= 2.4.0, < 4.0)
    rubocop-ast (1.38.0)
      parser (>= 3.3.1.0)
    rubocop-rspec (3.4.0)
      rubocop (~> 1.61)
    ruby-progressbar (1.13.0)
    simplecov (0.22.0)
      docile (~> 1.1)
      simplecov-html (~> 0.11)
      simplecov_json_formatter (~> 0.1)
    simplecov-html (0.13.1)
    simplecov_json_formatter (0.1.4)
    unicode-display_width (3.1.4)
      unicode-emoji (~> 4.0, >= 4.0.4)
    unicode-emoji (4.0.4)

PLATFORMS
  ruby

DEPENDENCIES
  pg_query!
  rake-compiler (~> 0)
  rspec (~> 3.0)
  rubocop (~> 1.71)
  rubocop-rspec (~> 3.4)
  simplecov (~> 0)

BUNDLED WITH
   2.3.26
